{
    "PercentSampling": 77.1106948852539,
    "MagneticFieldStrength": 3.0,
    "WindowWidth": 1784.0,
    "SoftwareVersions": "['5.6.1', '5.6.1.2']",
    "EchoTrainLength": 25,
    "SAR": 2.7881188392639102,
    "WindowCenter": 1026.0,
    "FlipAngle": 90,
    "ImagingFrequency": 127.771072,
    "MRAcquisitionType": "2D",
    "EchoTime": 120.0,
    "ImagedNucleus": "1H",
    "PixelSpacing": "[0.625, 0.625]",
    "Manufacturer": "Philips Healthcare",
    "NumberOfPhaseEncodingSteps": 237,
    "BodyPartExamined": "LSPINE",
    "ScanningSequence": "SE",
    "PixelBandwidth": 365,
    "SpacingBetweenSlices": 3.3,
    "PercentPhaseFieldOfView": 155.555555555555,
    "RepetitionTime": 3563.07250976562,
    "InPlanePhaseEncodingDirection": "COL",
    "SamplesPerPixel": 1,
    "PhotometricInterpretation": "MONOCHROME2",
    "SpecificCharacterSet": "ISO 2022 IR 100",
    "EchoNumbers": 1,
    "SliceThickness": 3.0,
    "ManufacturerModelName": "Ingenia"
}
