{
    "PercentSampling": 77.1704177856445,
    "MagneticFieldStrength": 3.0,
    "WindowWidth": 1901.0,
    "SoftwareVersions": "['5.6.1', '5.6.1.2']",
    "EchoTrainLength": 7,
    "SAR": 2.78812026977539,
    "WindowCenter": 1093.0,
    "FlipAngle": 85,
    "ImagingFrequency": 127.771072,
    "MRAcquisitionType": "2D",
    "EchoTime": 13.837,
    "ImagedNucleus": "1H",
    "PixelSpacing": "[0.625, 0.625]",
    "Manufacturer": "Philips Healthcare",
    "NumberOfPhaseEncodingSteps": 235,
    "BodyPartExamined": "LSPINE",
    "ScanningSequence": "SE",
    "PixelBandwidth": 488,
    "SpacingBetweenSlices": 3.3,
    "PercentPhaseFieldOfView": 155.555555555555,
    "RepetitionTime": 716.234375,
    "InPlanePhaseEncodingDirection": "COL",
    "SamplesPerPixel": 1,
    "PhotometricInterpretation": "MONOCHROME2",
    "SpecificCharacterSet": "ISO 2022 IR 100",
    "EchoNumbers": 1,
    "SliceThickness": 3.0,
    "ManufacturerModelName": "Ingenia"
}
