{
    "PercentSampling": 70.0,
    "MagneticFieldStrength": 1.5,
    "WindowWidth": 812.0,
    "SoftwareVersions": "syngo MR E11",
    "EchoTrainLength": 3,
    "SAR": 1.5129999847776,
    "WindowCenter": 381.0,
    "FlipAngle": 150,
    "DeviceSerialNumber": 169723.0,
    "ImagingFrequency": 63.686852,
    "MRAcquisitionType": "2D",
    "EchoTime": 9.6,
    "ImagedNucleus": "1H",
    "SequenceName": "*tse2d1_3",
    "PixelSpacing": "[0.8125, 0.8125]",
    "Manufacturer": "SIEMENS",
    "NumberOfPhaseEncodingSteps": 408,
    "BodyPartExamined": "MRI LWK",
    "SeriesDescription": "t1_tse_sag_320",
    "ScanningSequence": "SE",
    "PixelBandwidth": 235,
    "AngioFlag": "N",
    "SpacingBetweenSlices": 4.8,
    "PercentPhaseFieldOfView": 100.0,
    "RepetitionTime": 687.0,
    "InPlanePhaseEncodingDirection": "COL",
    "SamplesPerPixel": 1,
    "PhotometricInterpretation": "MONOCHROME2",
    "SpecificCharacterSet": "ISO_IR 100",
    "EchoNumbers": 1,
    "SliceThickness": 4.0,
    "TransmitCoilName": "Body",
    "ManufacturerModelName": "Avanto_fit"
}
