{
    "PercentSampling": 70.0,
    "MagneticFieldStrength": 1.5,
    "WindowWidth": 597.0,
    "SoftwareVersions": "syngo MR E11",
    "EchoTrainLength": 17,
    "SAR": 1.0759240354469,
    "WindowCenter": 266.0,
    "FlipAngle": 150,
    "DeviceSerialNumber": 169723.0,
    "ImagingFrequency": 63.686852,
    "MRAcquisitionType": "2D",
    "EchoTime": 114.0,
    "ImagedNucleus": "1H",
    "SequenceName": "*tseR2d1rr17",
    "PixelSpacing": "[0.67708331346512, 0.67708331346512]",
    "Manufacturer": "SIEMENS",
    "NumberOfPhaseEncodingSteps": 511,
    "BodyPartExamined": "MRI LWK",
    "SeriesDescription": "t2_tse_sag_384",
    "ScanningSequence": "SE",
    "PixelBandwidth": 195,
    "AngioFlag": "N",
    "SpacingBetweenSlices": 4.8,
    "PercentPhaseFieldOfView": 100.0,
    "RepetitionTime": 3680.0,
    "InPlanePhaseEncodingDirection": "COL",
    "SamplesPerPixel": 1,
    "PhotometricInterpretation": "MONOCHROME2",
    "SpecificCharacterSet": "ISO_IR 100",
    "EchoNumbers": 1,
    "SliceThickness": 4.0,
    "TransmitCoilName": "Body",
    "ManufacturerModelName": "Avanto_fit"
}
